GIT
  remote: https://github.com/masarakki/md2review.git
  revision: 840129e2e001506a571942fb5dc1ef6ce2c083e1
  branch: image-scale-option
  specs:
    md2review (1.12.1)
      redcarpet (> 2.0.0)

GEM
  remote: https://rubygems.org/
  specs:
    image_size (3.0.2)
    pastel (0.8.0)
      tty-color (~> 0.5)
    rake (13.0.6)
    redcarpet (3.5.1)
    review (5.5.0)
      image_size
      rexml
      rouge
      rubyzip
      tty-logger
    rexml (3.2.5)
    rouge (3.29.0)
    rubyzip (2.3.2)
    tty-color (0.6.0)
    tty-logger (0.6.0)
      pastel (~> 0.8)

PLATFORMS
  x86_64-linux

DEPENDENCIES
  md2review!
  rake
  review (~> 5.5.0)

BUNDLED WITH
   2.2.32
